PATH
  remote: .
  specs:
    rj_schema (0.2.0)
      rake-compiler (~> 1.0)

GEM
  remote: https://rubygems.org/
  specs:
    addressable (2.5.2)
      public_suffix (>= 2.0.2, < 4.0)
    benchmark-ips (2.7.2)
    ecma-re-validator (0.1.2)
      regexp_parser (~> 0.2)
    hana (1.3.4)
    json-schema (2.8.0)
      addressable (>= 2.4)
    json_schema (0.17.2)
    json_schemer (0.1.4)
      ecma-re-validator (~> 0.1.2)
      hana (~> 1.3.3)
      uri_template (~> 0.7.0)
    minitest (5.10.2)
    public_suffix (3.0.2)
    rake (12.3.1)
    rake-compiler (1.0.4)
      rake
    regexp_parser (0.4.9)
    uri_template (0.7.0)

PLATFORMS
  ruby

DEPENDENCIES
  benchmark-ips (~> 2.7)
  json-schema (~> 2.8)
  json_schema (~> 0.17)
  json_schemer (~> 0.1)
  minitest (~> 5.0)
  rj_schema!

BUNDLED WITH
   1.16.1
