PATH
  remote: .
  specs:
    rj_schema (1.0.5)

GEM
  remote: https://rubygems.org/
  specs:
    addressable (2.8.6)
      public_suffix (>= 2.0.2, < 6.0)
    benchmark-ips (2.13.0)
    ecma-re-validator (0.4.0)
      regexp_parser (~> 2.2)
    hana (1.3.7)
    json-schema (2.8.1)
      addressable (>= 2.4)
    json_schema (0.21.0)
    json_schemer (0.2.25)
      ecma-re-validator (~> 0.3)
      hana (~> 1.3)
      regexp_parser (~> 2.0)
      simpleidn (~> 0.2)
      uri_template (~> 0.7)
    minitest (5.22.2)
    public_suffix (5.0.4)
    rake (13.1.0)
    rake-compiler (1.2.7)
      rake
    regexp_parser (2.9.0)
    simpleidn (0.2.1)
      unf (~> 0.1.4)
    unf (0.1.4)
      unf_ext
    unf_ext (0.0.9.1)
    uri_template (0.7.0)

PLATFORMS
  arm64-darwin-21

DEPENDENCIES
  benchmark-ips (~> 2.7)
  json-schema (~> 2.8)
  json_schema (~> 0.17)
  json_schemer (~> 0.2)
  minitest (~> 5.0)
  rake-compiler (~> 1.0)
  rj_schema!

BUNDLED WITH
   2.4.22
