PATH
  remote: .
  specs:
    rj_schema (0.0.1)
      rake-compiler (~> 1.0)

GEM
  remote: https://rubygems.org/
  specs:
    minitest (5.10.2)
    rake (12.0.0)
    rake-compiler (1.0.4)
      rake

PLATFORMS
  ruby

DEPENDENCIES
  minitest (~> 5.0)
  rj_schema!

BUNDLED WITH
   1.14.6
