PATH
  remote: .
  specs:
    rj_schema (0.2.1)
      rake-compiler (~> 1.0)

GEM
  remote: https://rubygems.org/
  specs:
    addressable (2.7.0)
      public_suffix (>= 2.0.2, < 5.0)
    benchmark-ips (2.7.2)
    ecma-re-validator (0.2.0)
      regexp_parser (~> 1.2)
    hana (1.3.5)
    json-schema (2.8.1)
      addressable (>= 2.4)
    json_schema (0.17.2)
    json_schemer (0.2.11)
      ecma-re-validator (~> 0.2)
      hana (~> 1.3)
      regexp_parser (~> 1.5)
      uri_template (~> 0.7)
    minitest (5.10.2)
    public_suffix (4.0.3)
    rake (13.0.1)
    rake-compiler (1.1.0)
      rake
    regexp_parser (1.7.0)
    uri_template (0.7.0)

PLATFORMS
  ruby

DEPENDENCIES
  benchmark-ips (~> 2.7)
  json-schema (~> 2.8)
  json_schema (~> 0.17)
  json_schemer (~> 0.2)
  minitest (~> 5.0)
  rj_schema!

BUNDLED WITH
   1.16.1
