PATH
  remote: .
  specs:
    rj_schema (0.0.1)
      rake-compiler (~> 1.0)

GEM
  specs:
    rake (12.0.0)
    rake-compiler (1.0.4)
      rake

PLATFORMS
  ruby

DEPENDENCIES
  rj_schema!

BUNDLED WITH
   1.14.6
